GEM
  remote: http://rubygems.org/
  specs:
    activesupport (3.0.3)
    builder (3.0.0)
    happymapper (0.3.2)
      libxml-ruby (~> 1.1.3)
    i18n (0.5.0)
    libxml-ruby (1.1.4)
    mail (2.2.15)
      activesupport (>= 2.3.6)
      i18n (>= 0.4.0)
      mime-types (~> 1.16)
      treetop (~> 1.4.8)
    mime (0.1)
    mime-types (1.16)
    nokogiri (1.4.3.1)
    pivotal-tracker (0.3.1)
      builder
      happymapper (>= 0.3.2)
      nokogiri (~> 1.4.3.1)
      rest-client (~> 1.6.0)
    polyglot (0.3.1)
    rest-client (1.6.1)
      mime-types (>= 1.16)
    ruby-gmail (0.2.1)
      mail (>= 2.2.1)
      shared-mime-info
    shared-mime-info (0.1)
    treetop (1.4.9)
      polyglot (>= 0.3.1)

PLATFORMS
  ruby

DEPENDENCIES
  mime
  pivotal-tracker
  ruby-gmail
